GEM
  remote: https://rubygems.org/
  specs:
    airbrussh (1.3.0)
      sshkit (>= 1.6.1, != 1.7.0)
    capistrano (3.10.0)
      airbrussh (>= 1.0.0)
      i18n
      rake (>= 10.0.0)
      sshkit (>= 1.9.0)
    capistrano-bower (1.1.0)
      capistrano (~> 3.0)
    capistrano-gulp (0.0.2)
      capistrano (~> 3.0)
    capistrano-npm (1.0.2)
      capistrano (>= 3.0.0)
    capistrano-nvm (0.0.7)
      capistrano (~> 3.1)
    codeclimate-test-reporter (1.0.7)
      simplecov
    concurrent-ruby (1.0.5)
    docile (1.1.5)
    i18n (0.9.1)
      concurrent-ruby (~> 1.0)
    json (2.1.0)
    net-scp (1.2.1)
      net-ssh (>= 2.6.5)
    net-ssh (4.2.0)
    rake (12.2.1)
    simplecov (0.15.1)
      docile (~> 1.1.0)
      json (>= 1.8, < 3)
      simplecov-html (~> 0.10.0)
    simplecov-html (0.10.2)
    sshkit (1.15.0)
      net-scp (>= 1.1.2)
      net-ssh (>= 2.8.0)

PLATFORMS
  ruby

DEPENDENCIES
  capistrano
  capistrano-bower
  capistrano-gulp (~> 0.0.2)
  capistrano-npm
  capistrano-nvm
  codeclimate-test-reporter
  simplecov

BUNDLED WITH
   1.16.0
